PATH
  remote: .
  specs:
    tracer (0.2.3)

GEM
  remote: https://rubygems.org/
  specs:
    io-console (0.7.2)
    irb (1.12.0)
      rdoc
      reline (>= 0.4.2)
    power_assert (2.0.3)
    prettier_print (1.2.1)
    psych (5.1.2)
      stringio
    rake (13.1.0)
    rdoc (6.6.3.1)
      psych (>= 4.0.0)
    reline (0.4.3)
      io-console (~> 0.5)
    stringio (3.1.0)
    syntax_tree (6.2.0)
      prettier_print (>= 1.2.0)
    test-unit (3.6.2)
      power_assert

PLATFORMS
  arm64-darwin-21
  arm64-darwin-22
  arm64-darwin-23
  x86_64-linux

DEPENDENCIES
  irb
  rake (~> 13.0)
  syntax_tree
  test-unit (~> 3.0)
  tracer!

BUNDLED WITH
   2.4.2
